PATH
  remote: .
  specs:
    pinpress (1.1.1)
      chronic (= 0.10.2)
      cliutils (~> 2.0)
      gli (= 2.9.0)
      pinboard (= 0.1.1)

GEM
  remote: https://rubygems.org/
  specs:
    aruba (0.5.4)
      childprocess (>= 0.3.6)
      cucumber (>= 1.1.1)
      rspec-expectations (>= 2.7.0)
    builder (3.2.2)
    childprocess (0.5.2)
      ffi (~> 1.0, >= 1.0.11)
    chronic (0.10.2)
    cliutils (2.0.2)
    cucumber (1.3.14)
      builder (>= 2.1.2)
      diff-lcs (>= 1.1.3)
      gherkin (~> 2.12)
      multi_json (>= 1.7.5, < 2.0)
      multi_test (>= 0.1.1)
    diff-lcs (1.2.5)
    ffi (1.9.3)
    gherkin (2.12.2)
      multi_json (~> 1.3)
    gli (2.9.0)
    httparty (0.11.0)
      multi_json (~> 1.0)
      multi_xml (>= 0.5.2)
    json (1.8.1)
    multi_json (1.9.2)
    multi_test (0.1.1)
    multi_xml (0.5.5)
    pinboard (0.1.1)
      httparty (= 0.11.0)
    rake (10.1.1)
    rdoc (4.1.1)
      json (~> 1.4)
    rspec-expectations (2.14.5)
      diff-lcs (>= 1.1.3, < 2.0)

PLATFORMS
  ruby

DEPENDENCIES
  aruba (= 0.5.4)
  pinpress!
  rake (= 10.1.1)
  rdoc (= 4.1.1)
